GEM
  remote: https://rubygems.org/
  specs:
    bump (0.5.1)
    coderay (1.1.0)
    json (1.8.2)
    maxitest (1.1.3)
      minitest (>= 5.0.0, < 5.6.0)
    method_source (0.8.2)
    minitest (5.5.1)
    pry (0.10.1)
      coderay (~> 1.1.0)
      method_source (~> 0.8.1)
      slop (~> 3.4)
    rake (10.4.2)
    rdoc (4.1.1)
      json (~> 1.4)
    slop (3.6.0)

PLATFORMS
  ruby

DEPENDENCIES
  bump
  maxitest
  pry
  rake
  rdoc

BUNDLED WITH
   1.10.6
